STORAGE: NONE
RESTRICTION: == net6.0
NUGET
  remote: https://api.nuget.org/v3/index.json
    Dapper (2.0.123)
    Expecto (9.0.4)
      FSharp.Core (>= 4.6)
      Mono.Cecil (>= 0.11.3)
    FSharp.Core (7.0.300)
    Microsoft.CodeCoverage (17.6)
    Microsoft.Data.Sqlite (7.0.5)
      Microsoft.Data.Sqlite.Core (>= 7.0.5)
      SQLitePCLRaw.bundle_e_sqlite3 (>= 2.1.4)
    Microsoft.Data.Sqlite.Core (7.0.5)
      SQLitePCLRaw.core (>= 2.1.4)
    Microsoft.NET.Test.Sdk (17.6)
      Microsoft.CodeCoverage (>= 17.6)
      Microsoft.TestPlatform.TestHost (>= 17.6)
    Microsoft.TestPlatform.ObjectModel (17.6)
      NuGet.Frameworks (>= 5.11)
      System.Reflection.Metadata (>= 1.6)
    Microsoft.TestPlatform.TestHost (17.6)
      Microsoft.TestPlatform.ObjectModel (>= 17.6)
      Newtonsoft.Json (>= 13.0.1)
    Mono.Cecil (0.11.5)
    Newtonsoft.Json (13.0.3)
    NuGet.Frameworks (6.5)
    SQLitePCLRaw.bundle_e_sqlite3 (2.1.4)
      SQLitePCLRaw.lib.e_sqlite3 (>= 2.1.4)
      SQLitePCLRaw.provider.e_sqlite3 (>= 2.1.4)
    SQLitePCLRaw.core (2.1.4)
      System.Memory (>= 4.5.3)
    SQLitePCLRaw.lib.e_sqlite3 (2.1.4)
    SQLitePCLRaw.provider.e_sqlite3 (2.1.4)
      SQLitePCLRaw.core (>= 2.1.4)
    System.Collections.Immutable (7.0)
      System.Runtime.CompilerServices.Unsafe (>= 6.0)
    System.Memory (4.5.5)
    System.Reflection.Metadata (7.0.1)
      System.Collections.Immutable (>= 7.0)
    System.Runtime.CompilerServices.Unsafe (6.0)
    YoloDev.Expecto.TestSdk (0.13.3)
      Expecto (>= 9.0 < 10.0)
      FSharp.Core (>= 4.6.2)
      System.Collections.Immutable (>= 6.0)
